GEM
  remote: http://rubygems.org/
  specs:
    json (1.8.1)
    mime-types (1.25.1)
    rack (1.5.2)
    rest-client (1.6.7)
      mime-types (>= 1.16)
    sinatra (1.0)
      rack (>= 1.0)
    slim (2.0.2)
      temple (~> 0.6.6)
      tilt (>= 1.3.3, < 2.1)
    stripe (1.11.0)
      json (~> 1.8.1)
      mime-types (~> 1.25)
      rest-client (~> 1.4)
    temple (0.6.7)
    tilt (2.0.1)

PLATFORMS
  ruby

DEPENDENCIES
  sinatra
  slim
  stripe
